GIT
  remote: git://github.com/bikeexchange/jquery-rjs.git
  revision: d30b959e133f4457cad6452885638cc55b2b70f7
  specs:
    jquery-rjs (0.1.1)
      jquery-rails
      rails (~> 3.2)

GIT
  remote: git://github.com/capistrano/capistrano.git
  revision: 3100b9118b1e85f7e7529c2b04c34f23c8c3e418
  specs:
    capistrano (2.13.5)
      highline
      net-scp (>= 1.0.0)
      net-sftp (>= 2.0.0)
      net-ssh (>= 2.0.14)
      net-ssh-gateway (>= 1.1.0)

GIT
  remote: git://github.com/hinrik/rails_view_annotator.git
  revision: 28ebcbffffd1b8fce88efffbc7fc7e97fb52f93c
  specs:
    rails_view_annotator (0.0.7)

GIT
  remote: git://github.com/hinrik/tr8n.git
  revision: 1c07febc752c04e7bc31a3bc0587bd5eb26af4d9
  branch: social_innovation
  specs:
    tr8n (3.2.3)
      coffee-script
      kaminari
      rails (>= 3.1.0)
      sass
      will_filter (>= 3.1.2)

GEM
  remote: https://rubygems.org/
  specs:
    actionmailer (3.2.9.rc3)
      actionpack (= 3.2.9.rc3)
      mail (~> 2.4.4)
    actionpack (3.2.9.rc3)
      activemodel (= 3.2.9.rc3)
      activesupport (= 3.2.9.rc3)
      builder (~> 3.0.0)
      erubis (~> 2.7.0)
      journey (~> 1.0.4)
      rack (~> 1.4.0)
      rack-cache (~> 1.2)
      rack-test (~> 0.6.1)
      sprockets (~> 2.2.1)
    activemodel (3.2.9.rc3)
      activesupport (= 3.2.9.rc3)
      builder (~> 3.0.0)
    activerecord (3.2.9.rc3)
      activemodel (= 3.2.9.rc3)
      activesupport (= 3.2.9.rc3)
      arel (~> 3.0.2)
      tzinfo (~> 0.3.29)
    activeresource (3.2.9.rc3)
      activemodel (= 3.2.9.rc3)
      activesupport (= 3.2.9.rc3)
    activesupport (3.2.9.rc3)
      i18n (~> 0.6)
      multi_json (~> 1.0)
    acts_as_list (0.1.9)
    addressable (2.3.2)
    airbrake (3.1.6)
      builder
      girl_friday
    akami (1.2.0)
      gyoku (>= 0.4.0)
      nokogiri (>= 1.4.0)
    ansi (1.4.3)
    arel (3.0.2)
    auto_html (1.5.1)
      redcarpet (~> 2.0.0)
      rinku (~> 1.5.0)
    awesome_print (1.1.0)
    backup (3.0.27)
      open4 (~> 1.3.0)
      thor (>= 0.15.4, < 2)
    bcrypt-ruby (3.0.1)
    better_errors (0.2.0)
      coderay (>= 1.0.0)
      erubis (>= 2.7.0)
    binding_of_caller (0.6.8)
    builder (3.0.4)
    childprocess (0.3.6)
      ffi (~> 1.0, >= 1.0.6)
    chronic (0.8.0)
    cocaine (0.4.2)
    coderay (1.0.8)
    coffee-script (2.2.0)
      coffee-script-source
      execjs
    coffee-script-source (1.4.0)
    connection_pool (0.9.2)
    crack (0.3.1)
    daemons (1.1.9)
    dalli (2.5.0)
    delayed_job (3.0.4)
      activesupport (~> 3.0)
    delayed_job_active_record (0.3.3)
      activerecord (>= 2.1.0, < 4)
      delayed_job (~> 3.0)
    devise (2.1.2)
      bcrypt-ruby (~> 3.0)
      orm_adapter (~> 0.1)
      railties (~> 3.1)
      warden (~> 1.2.1)
    digidoc_client (0.1.0)
      crack (>= 0.1.8)
      httpclient (>= 2.2.4)
      mime-types (>= 1.16)
      nokogiri (>= 1.4.0)
      savon (>= 0.9.7)
    erubis (2.7.0)
    eventmachine (1.0.0)
    execjs (1.4.0)
      multi_json (~> 1.0)
    factory_girl (4.1.0)
      activesupport (>= 3.0.0)
    factory_girl_rails (4.1.0)
      factory_girl (~> 4.1.0)
      railties (>= 3.0.0)
    ffi (1.2.0)
    friendly_id (4.0.9)
    geoip (1.2.0)
    girl_friday (0.11.1)
      connection_pool (~> 0.9.0)
      rubinius-actor
    googlecharts (1.6.8)
    gyoku (0.4.6)
      builder (>= 2.1.2)
    haml (3.2.0.rc.1)
      tilt
    haml-rails (0.3.5)
      actionpack (>= 3.1, < 4.1)
      activesupport (>= 3.1, < 4.1)
      haml (~> 3.1)
      railties (>= 3.1, < 4.1)
    hashie (1.2.0)
    headless (0.3.1)
    highline (1.6.15)
    hike (1.2.1)
    hpricot (0.8.6)
    html5shiv-rails (0.0.2)
      railties (>= 3.2.0, < 5.0)
    htmldiff (0.0.1)
    htmlentities (4.3.1)
    httpclient (2.3.0.1)
    httpi (1.1.1)
      rack
    i18n (0.6.1)
    journey (1.0.4)
    jquery-rails (2.1.4)
      railties (>= 3.0, < 5.0)
      thor (>= 0.14, < 2.0)
    jquery-ui-rails (2.0.2)
      jquery-rails
      railties (>= 3.1.0)
    json (1.7.5)
    kaminari (0.14.1)
      actionpack (>= 3.0.0)
      activesupport (>= 3.0.0)
    kgio (2.7.4)
    libv8 (3.3.10.4)
    libwebsocket (0.1.7.1)
      addressable
      websocket
    mail (2.4.4)
      i18n (>= 0.4.0)
      mime-types (~> 1.16)
      treetop (~> 1.4.8)
    method_source (0.8.1)
    mime-types (1.19)
    multi_json (1.5.0)
    mysql2 (0.3.11)
    net-scp (1.0.4)
      net-ssh (>= 1.99.1)
    net-sftp (2.0.5)
      net-ssh (>= 2.0.9)
    net-ssh (2.6.2)
    net-ssh-gateway (1.1.0)
      net-ssh (>= 1.99.1)
    newrelic_rpm (3.5.3.25)
    nokogiri (1.5.5)
    nori (1.1.3)
    oauth (0.4.7)
    omniauth (1.1.1)
      hashie (~> 1.2)
      rack
    omniauth-idcard (0.1.0)
      omniauth-oauth (~> 1.0)
    omniauth-mobileid (0.1.2)
      digidoc_client (~> 0.1)
      omniauth-oauth (~> 1.0)
    omniauth-oauth (1.0.1)
      oauth
      omniauth (~> 1.0)
    open4 (1.3.0)
    orm_adapter (0.4.0)
    paperclip (3.3.1)
      activemodel (>= 3.0.0)
      activerecord (>= 3.0.0)
      activesupport (>= 3.0.0)
      cocaine (~> 0.4.0)
      mime-types
    polyglot (0.3.3)
    pry (0.9.10)
      coderay (~> 1.0.5)
      method_source (~> 0.8)
      slop (~> 3.3.1)
    pry-rails (0.2.2)
      pry (>= 0.9.10)
    rack (1.4.1)
    rack-cache (1.2)
      rack (>= 0.4)
    rack-openid (1.3.1)
      rack (>= 1.1.0)
      ruby-openid (>= 2.1.8)
    rack-ssl (1.3.2)
      rack
    rack-test (0.6.2)
      rack (>= 1.0)
    rails (3.2.9.rc3)
      actionmailer (= 3.2.9.rc3)
      actionpack (= 3.2.9.rc3)
      activerecord (= 3.2.9.rc3)
      activeresource (= 3.2.9.rc3)
      activesupport (= 3.2.9.rc3)
      bundler (~> 1.0)
      railties (= 3.2.9.rc3)
    rails-dev-boost (0.2.1)
      rails (>= 3.0)
    rails-i18n (0.7.1)
      i18n (~> 0.5)
    railties (3.2.9.rc3)
      actionpack (= 3.2.9.rc3)
      activesupport (= 3.2.9.rc3)
      rack-ssl (~> 1.3.2)
      rake (>= 0.8.7)
      rdoc (~> 3.4)
      thor (>= 0.14.6, < 2.0)
    rake (10.0.3)
    randumb (0.3.0)
      activerecord (>= 3.0.0)
      activesupport (>= 3.0.0)
      rake
    rdoc (3.12)
      json (~> 1.4)
    recaptcha (0.3.4)
    redcarpet (2.0.1)
    riddle (1.5.3)
    rinku (1.5.1)
    rmagick (2.13.1)
    rubinius-actor (0.0.2)
      rubinius-core-api
    rubinius-core-api (0.0.1)
    ruby-openid (2.2.2)
    ruby-prof (0.11.2)
    rubyzip (0.9.9)
    rvm-capistrano (1.2.7)
      capistrano (>= 2.0.0)
    sass (3.2.3)
    sass-rails (3.2.5)
      railties (~> 3.2.0)
      sass (>= 3.1.10)
      tilt (~> 1.3)
    savon (1.2.0)
      akami (~> 1.2.0)
      builder (>= 2.1.2)
      gyoku (~> 0.4.5)
      httpi (~> 1.1.0)
      nokogiri (>= 1.4.0)
      nori (~> 1.1.0)
      wasabi (~> 2.5.0)
    selenium-webdriver (2.27.2)
      childprocess (>= 0.2.5)
      libwebsocket (~> 0.1.3)
      multi_json (~> 1.0)
      rubyzip
    slop (3.3.3)
    sprockets (2.2.2)
      hike (~> 1.2)
      multi_json (~> 1.0)
      rack (~> 1.0)
      tilt (~> 1.1, != 1.3.0)
    sunlight (1.1.0)
      json (>= 1.1.3)
      ym4r (>= 0.6.1)
    sys-filesystem (1.0.0)
      ffi (>= 1.0.0)
    therubyracer (0.10.2)
      libv8 (~> 3.3.10)
    thin (1.5.0)
      daemons (>= 1.0.9)
      eventmachine (>= 0.12.6)
      rack (>= 1.0.0)
    thinking-sphinx (2.0.13)
      activerecord (>= 3.0.3)
      builder (>= 2.1.2)
      riddle (>= 1.5.3)
    thor (0.16.0)
    tilt (1.3.3)
    treetop (1.4.12)
      polyglot
      polyglot (>= 0.3.1)
    turbo-sprockets-rails3 (0.3.4)
      railties (> 3.2.8, < 4.0.0)
      sprockets (>= 2.0.0)
    turn (0.9.6)
      ansi
    tzinfo (0.3.35)
    uglifier (1.3.0)
      execjs (>= 0.3.0)
      multi_json (~> 1.0, >= 1.0.2)
    warden (1.2.1)
      rack (>= 1.0)
    wasabi (2.5.1)
      httpi (~> 1.0)
      nokogiri (>= 1.4.0)
    watir-webdriver (0.6.2)
      selenium-webdriver (>= 2.18.0)
    websocket (1.0.4)
    whenever (0.8.0)
      activesupport (>= 2.3.4)
      chronic (>= 0.6.3)
    will-paginate-i18n (0.1.11)
    will_filter (3.1.9)
      kaminari
      rails (>= 3.2.3)
      sass
    will_paginate (3.0.3)
    workflow (0.8.6)
    ym4r (0.6.1)

PLATFORMS
  ruby

DEPENDENCIES
  acts_as_list
  airbrake
  auto_html (= 1.5.1)
  awesome_print
  backup
  better_errors
  binding_of_caller
  capistrano!
  daemons
  dalli
  delayed_job
  delayed_job_active_record
  devise (= 2.1.2)
  execjs
  factory_girl_rails
  friendly_id (= 4.0.9)
  geoip
  googlecharts
  haml (>= 3.2.0.rc.1)
  haml-rails
  headless
  hpricot
  html5shiv-rails
  htmldiff
  htmlentities
  jquery-rails
  jquery-rjs!
  jquery-ui-rails
  kaminari
  kgio
  mysql2
  newrelic_rpm
  oauth
  omniauth-idcard (= 0.1.0)
  omniauth-mobileid (= 0.1.2)
  paperclip
  pry-rails
  rack-openid
  rails (= 3.2.9.rc3)
  rails-dev-boost
  rails-i18n
  rails_view_annotator!
  randumb
  recaptcha
  rmagick
  ruby-openid
  ruby-prof
  rvm-capistrano
  sass
  sass-rails
  sunlight
  sys-filesystem
  therubyracer (~> 0.10.2)
  thin
  thinking-sphinx
  tr8n!
  turbo-sprockets-rails3
  turn
  uglifier
  watir-webdriver
  whenever
  will-paginate-i18n
  will_filter (~> 3.1.2)
  will_paginate
  workflow
